GEM
  remote: http://rubygems.org/
  specs:
    actionmailer (4.1.9)
      actionpack (= 4.2.5.1)
      actionview (>= 4.2.7.1)
      mail (~> 2.5, >= 2.5.4)
    actionpack (4.2.5.1)
      actionview (>= 4.2.7.1)
      activesupport (>= 4.1.11)
      rack (>= 1.6.11)
      rack-test (~> 0.6.2)
    actionview (>= 4.2.7.1)
      activesupport (>= 4.1.11)
      builder (~> 3.1)
      erubis (~> 2.7.0)
    activeadmin (1.0.0.pre5)
      arbre (~> 1.0, >= 1.0.2)
      bourbon
      coffee-rails
      formtastic (~> 3.1)
      formtastic_i18n
      inherited_resources (~> 1.6)
      jquery-rails
      jquery-ui-rails
      kaminari (>= 0.15, < 2.0)
      railties (>= 3.2, < 5.1)
      ransack (~> 1.3)
      sass-rails
      sprockets (< 4.1)
    activemodel (>= 4.1.14.1)
      activesupport (>= 4.1.11)
      builder (~> 3.1)
    activerecord (4.1.9)
      activemodel (>= 4.1.14.1)
      activesupport (>= 4.1.11)
      arel (~> 5.0.0)
    activesupport (>= 4.1.11)
      i18n (~> 0.6, >= 0.6.9)
      json (~> 1.7, >= 1.7.7)
      minitest (~> 5.1)
      thread_safe (~> 0.1)
      tzinfo (~> 1.1)
    arbre (1.1.1)
      activesupport (>= 4.1.11)
    archive-zip (0.7.0)
      io-like (~> 0.3.0)
    arel (5.0.1.20140414130214)
    aws_cf_signer (0.1.3)
    bcrypt (3.1.10)
    bourbon (5.1.0)
      sass (~> 3.4)
      thor (~> 0.19)
    builder (3.2.2)
    capybara (2.5.0)
      mime-types (>= 1.16)
      nokogiri (>= 1.8.2)
      rack (>= 1.6.11)
      rack-test (>= 0.5.4)
      xpath (~> 2.0)
    carrierwave (0.10.0)
      activemodel (>= 4.1.14.1)
      activesupport (>= 4.1.11)
      json (>= 1.7)
      mime-types (>= 1.16)
    childprocess (0.5.9)
      ffi (>= 1.9.24)
    chromedriver-helper (1.0.0)
      archive-zip (~> 0.7.0)
      nokogiri (>=1.8.2)
    cloudinary (1.1.0)
      aws_cf_signer
      rest-client
    coffee-rails (4.0.1)
      coffee-script (>= 2.2.0)
      railties (>= 4.0.0, < 5.0)
    coffee-script (2.4.1)
      coffee-script-source
      execjs
    coffee-script-source (1.9.1.1)
    database_cleaner (1.5.0)
    devise (3.5.2)
      bcrypt (~> 3.0)
      orm_adapter (~> 0.1)
      railties (>= 3.2.6, < 5)
      responders
      thread_safe (~> 0.1)
      warden (~> 1.2.3)
    diff-lcs (1.2.5)
    domain_name (0.5.25)
      unf (>= 0.0.5, < 1.0.0)
    erb2haml (0.1.5)
      html2haml
    erubis (2.7.0)
    execjs (2.6.0)
    factory_girl (4.5.0)
      activesupport (>= 4.1.11)
    factory_girl_rails (4.5.0)
      factory_girl (~> 4.5.0)
      railties (>= 3.0.0)
    faker (1.5.0)
      i18n (~> 0.5)
    ffi (>= 1.9.24)
    font-awesome-sass (4.5.0)
      sass (>= 3.2)
    formtastic (3.1.5)
      actionpack (= 4.2.5.1)
    formtastic_i18n (0.6.0)
    haml (4.0.7)
      tilt
    haml-rails (0.9.0)
      actionpack (= 4.2.5.1)
      activesupport (>= 4.1.11)
      haml (>= 4.0.6, < 5.0)
      html2haml (>= 1.0.1)
      railties (>= 4.0.1)
    has_scope (0.7.1)
      actionpack (= 4.2.5.1)
      activesupport (>= 4.1.11, < 5.2)
    html2haml (2.0.0)
      erubis (~> 2.7.0)
      haml (~> 4.0.0)
      nokogiri (>=1.8.2)
      ruby_parser (~> 3.5)
    http-cookie (1.0.2)
      domain_name (~> 0.5)
    i18n (0.7.0)
    inherited_resources (1.7.1)
      actionpack (=4.2.5.1)
      has_scope (~> 0.6)
      railties (>= 3.2, < 5.1)
      responders
    inline_svg (0.6.1)
      activesupport (>= 4.1.11)
      loofah (>= 2.2.3)
      nokogiri (>= 1.8.2)
    io-like (0.3.0)
    jbuilder (2.3.2)
      activesupport (>= 4.1.11)
      multi_json (~> 1.2)
    jquery-rails (3.1.4)
      railties (>= 3.0, < 5.0)
      thor (>= 0.14, < 2.0)
    jquery-ui-rails (6.0.1)
      railties (>= 3.2.16)
    json (1.8.3)
    kaminari (1.0.1)
      activesupport (>= 4.1.11)
      kaminari-actionview (>= 4.2.7.1)
      kaminari-activerecord (= 1.0.1)
      kaminari-core (= 1.0.1)
    kaminari-actionview (>= 4.2.7.1)
      actionview (>= 4.2.7.1)
      kaminari-core (= 1.0.1)
    kaminari-activerecord (1.0.1)
      activerecord
      kaminari-core (= 1.0.1)
    kaminari-core (1.0.1)
    livingstyleguide (2.0.1)
      minisyntax (>= 0.2.5)
      redcarpet
      sass
      thor
      tilt
    loofah (>= 2.2.3)
      nokogiri (>= 1.8.2)
    mail (2.6.3)
      mime-types (>= 1.16, < 3)
    mime-types (2.6.2)
    mini_portile (0.6.2)
    minisyntax (0.2.5)
    minitest (5.9.1)
    multi_json (1.12.0)
    neat (1.7.2)
      bourbon (>= 4.0)
      sass (>= 3.3)
    netrc (0.11.0)
    nokogiri (>=1.8.2)
      mini_portile (~> 0.6.0)
    orm_adapter (0.5.0)
    pg (0.18.3)
    polyamorous (1.3.1)
      activerecord (>= 3.0)
    rack (>= 1.6.11)
    rack-test (0.6.3)
      rack (>= 1.6.11)
    rails (4.1.9)
      actionmailer (= 4.1.9)
      actionpack (= 4.2.5.1)
      actionview (>= 4.2.7.1)
      activemodel (>= 4.1.14.1)
      activerecord (= 4.1.9)
      activesupport (>= 4.1.11)
      bundler (>= 1.3.0, < 2.0)
      railties (= 4.1.9)
      sprockets-rails (~> 2.0)
    rails_12factor (0.0.3)
      rails_serve_static_assets
      rails_stdout_logging
    rails_serve_static_assets (0.0.4)
    rails_stdout_logging (0.0.4)
    railties (4.1.9)
      actionpack (= 4.2.5.1)
      activesupport (>= 4.1.11)
      rake (>= 0.8.7)
      thor (>= 0.18.1, < 2.0)
    rake (11.3.0)
    ransack (1.8.2)
      actionpack (= 4.2.5.1)
      activerecord (>= 3.0)
      activesupport (>= 4.1.11)
      i18n
      polyamorous (~> 1.3)
    rb-fsevent (0.10.3)
    rb-inotify (0.9.10)
      ffi (>= 1.9.24)
    rdoc (4.2.0)
      json (~> 1.4)
    redcarpet (3.3.4)
    responders (1.1.2)
      railties (>= 3.2, < 4.2)
    rest-client (1.8.0)
      http-cookie (>= 1.0.2, < 2.0)
      mime-types (>= 1.16, < 3.0)
      netrc (~> 0.7)
    rspec-core (3.3.2)
      rspec-support (~> 3.3.0)
    rspec-expectations (3.3.1)
      diff-lcs (>= 1.2.0, < 2.0)
      rspec-support (~> 3.3.0)
    rspec-mocks (3.3.2)
      diff-lcs (>= 1.2.0, < 2.0)
      rspec-support (~> 3.3.0)
    rspec-rails (3.3.3)
      actionpack (=4.2.5.1)
      activesupport (>= 4.1.11, < 4.3)
      railties (>= 3.0, < 4.3)
      rspec-core (~> 3.3.0)
      rspec-expectations (~> 3.3.0)
      rspec-mocks (~> 3.3.0)
      rspec-support (~> 3.3.0)
    rspec-support (3.3.0)
    ruby_parser (3.7.1)
      sexp_processor (~> 4.1)
    rubyzip (1.2.2)
    sass (3.7.2)
      sass-listen (~> 4.0.0)
    sass-listen (4.0.0)
      rb-fsevent (~> 0.9, >= 0.9.4)
      rb-inotify (~> 0.9, >= 0.9.7)
    sass-rails (5.0.4)
      railties (>= 4.0.0, < 5.0)
      sass (~> 3.1)
      sprockets (>= 3.7.2)
      sprockets-rails (>= 2.0, < 4.0)
      tilt (>= 1.1, < 3)
    sdoc (0.4.1)
      json (~> 1.7, >= 1.7.7)
      rdoc (~> 4.0)
    selenium-webdriver (2.53.0)
      childprocess (~> 0.5)
      rubyzip (=1.2.2)
      websocket (~> 1.0)
    sexp_processor (4.6.0)
    spring (1.4.0)
    sprockets (>= 3.7.2)
      rack (>= 1.6.11)
    sprockets-rails (2.3.3)
      actionpack (=4.2.5.1)
      activesupport (>= 4.1.11)
      sprockets (>= 3.7.2)
    table_print (1.5.4)
    thor (0.20.3)
    thread_safe (0.3.5)
    tilt (2.0.1)
    tinymce-rails (4.2.5)
      railties (>= 3.1.1)
    turbolinks (2.5.3)
      coffee-rails
    tzinfo (1.2.2)
      thread_safe (~> 0.1)
    uglifier (2.7.2)
      execjs (>= 0.3.0)
      json (>= 1.8.0)
    unf (0.1.4)
      unf_ext
    unf_ext (0.0.7.1)
    warden (1.2.3)
      rack (>= 1.6.11)
    websocket (1.2.3)
    xpath (2.0.0)
      nokogiri (>=1.8.2)

PLATFORMS
  ruby

DEPENDENCIES
  activeadmin (= 1.0.0.pre5)
  bourbon
  capybara
  carrierwave
  chromedriver-helper
  cloudinary
  coffee-rails
  database_cleaner
  devise
  erb2haml
  factory_girl_rails
  faker
  font-awesome-sass (~> 4.5.0)
  haml-rails
  inline_svg
  jbuilder (~> 2.0)
  jquery-rails
  livingstyleguide
  neat
  pg
  rails (= 4.1.9)
  rails_12factor
  rake
  rspec-rails
  sass-rails (~> 5.0.0.beta1)
  sdoc
  selenium-webdriver
  spring
  table_print
  thor
  tinymce-rails
  turbolinks
  uglifier (>= 1.3.0)

RUBY VERSION
   ruby 2.3.3p222

BUNDLED WITH
   1.16.6
